GEM
  remote: https://rubygems.org/
  specs:
    bcrypt (3.1.15)
    gemfile (0.0.2)

PLATFORMS
  ruby

DEPENDENCIES
  bcrypt (~> 3.1)
  gemfile (~> 0.0.2)

BUNDLED WITH
   2.1.4
